PATH
  remote: .
  specs:
    ecs_helper (0.0.34)
      aws-sdk-ecr (~> 1.42, >= 1.42)
      aws-sdk-ecrpublic (~> 1.3, >= 1.3)
      aws-sdk-ecs (~> 1.80, >= 1.80)
      aws-sdk-ssm (~> 1.0.0.rc7)
      colorize (~> 0.8, >= 0.8)
      json (~> 2.5, >= 2.5)
      terrapin (~> 0.6, >= 0.6)

GEM
  remote: https://rubygems.org/
  specs:
    addressable (2.8.0)
      public_suffix (>= 2.0.2, < 5.0)
    ast (2.4.2)
    awesome_print (1.9.2)
    aws-eventstream (1.2.0)
    aws-partitions (1.516.0)
    aws-sdk-core (3.121.1)
      aws-eventstream (~> 1, >= 1.0.2)
      aws-partitions (~> 1, >= 1.239.0)
      aws-sigv4 (~> 1.1)
      jmespath (~> 1.0)
    aws-sdk-ecr (1.47.0)
      aws-sdk-core (~> 3, >= 3.120.0)
      aws-sigv4 (~> 1.1)
    aws-sdk-ecrpublic (1.6.0)
      aws-sdk-core (~> 3, >= 3.120.0)
      aws-sigv4 (~> 1.1)
    aws-sdk-ecs (1.86.0)
      aws-sdk-core (~> 3, >= 3.120.0)
      aws-sigv4 (~> 1.1)
    aws-sdk-ssm (1.0.0)
      aws-sdk-core (~> 3)
      aws-sigv4 (~> 1.0)
    aws-sigv4 (1.4.0)
      aws-eventstream (~> 1, >= 1.0.2)
    bump (0.10.0)
    byebug (11.1.3)
    climate_control (0.2.0)
    coderay (1.1.3)
    colorize (0.8.1)
    crack (0.4.5)
      rexml
    hashdiff (1.0.1)
    jmespath (1.4.0)
    json (2.6.0)
    method_source (1.0.0)
    minitest (5.14.4)
    minitest-power_assert (0.3.1)
      minitest
      power_assert (>= 1.1)
    mocha (1.13.0)
    parallel (1.20.1)
    parser (3.0.2.0)
      ast (~> 2.4.1)
    power_assert (2.0.1)
    pry (0.14.1)
      coderay (~> 1.1)
      method_source (~> 1.0)
    pry-byebug (3.8.0)
      byebug (~> 11.0)
      pry (~> 0.10)
    pry-inline (1.0.7)
      pry (> 0.10.0)
      unicode (~> 0.4.4)
    public_suffix (4.0.6)
    rainbow (3.0.0)
    rake (13.0.6)
    regexp_parser (2.1.1)
    rexml (3.2.5)
    rubocop (1.20.0)
      parallel (~> 1.10)
      parser (>= 3.0.0.0)
      rainbow (>= 2.2.2, < 4.0)
      regexp_parser (>= 1.8, < 3.0)
      rexml
      rubocop-ast (>= 1.9.1, < 2.0)
      ruby-progressbar (~> 1.7)
      unicode-display_width (>= 1.4.0, < 3.0)
    rubocop-ast (1.11.0)
      parser (>= 3.0.1.1)
    rubocop-minitest (0.15.0)
      rubocop (>= 0.90, < 2.0)
    ruby-progressbar (1.11.0)
    terrapin (0.6.0)
      climate_control (>= 0.0.3, < 1.0)
    unicode (0.4.4.4)
    unicode-display_width (2.0.0)
    webmock (3.14.0)
      addressable (>= 2.8.0)
      crack (>= 0.3.2)
      hashdiff (>= 0.4.0, < 2.0.0)

PLATFORMS
  aarch64-linux
  arm64-darwin-22
  x86_64-darwin-18
  x86_64-linux

DEPENDENCIES
  awesome_print
  bump
  bundler (~> 2.2)
  ecs_helper!
  minitest
  minitest-power_assert
  mocha
  pry
  pry-byebug
  pry-inline
  rake
  rubocop
  rubocop-minitest
  webmock

BUNDLED WITH
   2.2.27
